GEM
  remote: https://rubygems.org/
  specs:
    asciidoctor (1.5.1)
    coderay (1.1.0)
    filewatcher (0.3.5)
      trollop (~> 2.0)
    haml (4.0.5)
      tilt
    sass (3.4.7)
    slim (2.1.0)
      temple (~> 0.6.9)
      tilt (>= 1.3.3, < 2.1)
    temple (0.6.10)
    thor (0.19.1)
    thread_safe (0.3.4)
    tilt (2.0.1)
    trollop (2.0)

PLATFORMS
  ruby

DEPENDENCIES
  asciidoctor (~> 1.5)
  coderay (~> 1.1)
  filewatcher (> 0.3)
  haml (~> 4.0)
  sass (~> 3.4)
  slim (~> 2.1)
  thor (~> 0.19)
  thread_safe (> 0.3)
  tilt (~> 2.0)
